GIT
  remote: git://github.com/asciidoctor/asciidoctor-fopub.git
  revision: e1b15e85faa4f17852a2700d751d7428e590bf4c
  specs:
    asciidoctor-fopub (0.0.1)

GEM
  remote: https://rubygems.org/
  specs:
    asciidoctor (1.5.1)
    asciidoctor-diagram (1.3.0.preview.1)
      asciidoctor (~> 1.5.0)
      rjb (~> 1.4.8)
    asciidoctor-diagram-cacoo (0.2.2)
    filewatcher (0.3.5)
      trollop (~> 2.0)
    mini_portile (0.6.1)
    nokogiri (1.6.4)
      mini_portile (~> 0.6.0)
    rake (10.3.2)
    rjb (1.4.9)
    trollop (2.0)

PLATFORMS
  ruby

DEPENDENCIES
  asciidoctor
  asciidoctor-diagram (= 1.3.0.preview.1)
  asciidoctor-diagram-cacoo
  asciidoctor-fopub!
  filewatcher
  nokogiri
  rake
